GEM
  remote: https://rubygems.org/
  specs:
    minitest (5.25.5)

PLATFORMS
  ruby
  x86_64-darwin-24

DEPENDENCIES
  minitest

BUNDLED WITH
   2.6.7
